GEM
  remote: https://rubygems.org/
  specs:
    activesupport (4.0.1)
      i18n (~> 0.6, >= 0.6.4)
      minitest (~> 4.2)
      multi_json (~> 1.3)
      thread_safe (~> 0.1)
      tzinfo (~> 0.3.37)
    ansi (1.4.3)
    atomic (1.1.14)
    awesome_print (1.2.0)
    docile (1.1.0)
    global (0.0.2)
      activesupport
    i18n (0.6.5)
    minitest (4.7.5)
    minitest_should (0.3.1)
    multi_json (1.8.2)
    rake (10.1.0)
    require_all (1.3.2)
    ruby-progressbar (1.2.0)
    simplecov (0.8.2)
      docile (~> 1.1.0)
      multi_json
      simplecov-html (~> 0.8.0)
    simplecov-html (0.8.0)
    thread_safe (0.1.3)
      atomic
    turn (0.9.6)
      ansi
    tzinfo (0.3.38)

PLATFORMS
  ruby

DEPENDENCIES
  activesupport
  awesome_print
  global
  minitest (= 4.7.5)
  minitest_should
  rake
  require_all
  ruby-progressbar
  simplecov
  turn
