GEM
  remote: https://rubygems.org/
  specs:
    activesupport (4.0.13)
      i18n (~> 0.6, >= 0.6.9)
      minitest (~> 4.2)
      multi_json (~> 1.3)
      thread_safe (~> 0.1)
      tzinfo (~> 0.3.37)
    ansi (1.5.0)
    awesome_print (1.6.1)
    docile (1.1.5)
    global (0.1.2)
      activesupport (>= 2.0)
    i18n (0.7.0)
    minitest (4.7.5)
    minitest_should (0.3.1)
    multi_json (1.10.1)
    rake (10.4.2)
    require_all (1.3.2)
    ruby-progressbar (1.7.1)
    simplecov (0.9.2)
      docile (~> 1.1.0)
      multi_json (~> 1.0)
      simplecov-html (~> 0.9.0)
    simplecov-html (0.9.0)
    thread_safe (0.3.4)
    turn (0.9.7)
      ansi
      minitest (~> 4)
    tzinfo (0.3.43)

PLATFORMS
  ruby

DEPENDENCIES
  activesupport
  awesome_print
  global
  minitest (= 4.7.5)
  minitest_should
  rake
  require_all
  ruby-progressbar
  simplecov
  turn
