GEM
  remote: https://rubygems.org/
  specs:
    activesupport (4.0.4)
      i18n (~> 0.6, >= 0.6.9)
      minitest (~> 4.2)
      multi_json (~> 1.3)
      thread_safe (~> 0.1)
      tzinfo (~> 0.3.37)
    ansi (1.4.3)
    atomic (1.1.16)
    awesome_print (1.2.0)
    builder (3.2.2)
    docile (1.1.3)
    excon (0.25.3)
    fog (1.15.0)
      builder
      excon (~> 0.25.0)
      formatador (~> 0.2.0)
      mime-types
      multi_json (~> 1.0)
      net-scp (~> 1.1)
      net-ssh (>= 2.1.3)
      nokogiri (~> 1.5)
      ruby-hmac
    formatador (0.2.4)
    global (0.0.3)
      activesupport
    i18n (0.6.9)
    mime-types (2.2)
    mini_portile (0.5.3)
    minitest (4.7.5)
    minitest_should (0.3.1)
    multi_json (1.9.2)
    net-scp (1.1.2)
      net-ssh (>= 2.6.5)
    net-ssh (2.8.0)
    nokogiri (1.6.1)
      mini_portile (~> 0.5.0)
    propono (1.1.1)
      fog (~> 1.15.0)
    rake (10.2.2)
    require_all (1.3.2)
    ruby-hmac (0.4.0)
    ruby-progressbar (1.4.2)
    simplecov (0.8.2)
      docile (~> 1.1.0)
      multi_json
      simplecov-html (~> 0.8.0)
    simplecov-html (0.8.0)
    thread_safe (0.3.1)
      atomic (>= 1.1.7, < 2)
    turn (0.9.6)
      ansi
    tzinfo (0.3.39)

PLATFORMS
  ruby

DEPENDENCIES
  activesupport
  awesome_print
  global
  minitest (= 4.7.5)
  minitest_should
  propono
  rake
  require_all
  ruby-progressbar
  simplecov
  turn
